REDIRECTS: ON
FRAMEWORK: >= NET45
NUGET
  remote: https://www.nuget.org/api/v2
    Fable.JsonConverter (0.1.1)
      FSharp.Core
      Newtonsoft.Json
    FSharp.Core (4.1.17) - redirects: force
      System.ValueTuple (>= 4.3)
    FsPickler (3.2)
    Google.Protobuf (3.3)
    Newtonsoft.Json (10.0.2)
    RabbitMQ.Client (4.1.3)
    System.ValueTuple (4.3) - redirects: force

GROUP Build
NUGET
  remote: https://www.nuget.org/api/v2
    FAKE (4.61.1)
    FSharp.Compiler.Service (2.0.0.6)
    FSharp.Formatting (2.14.4)
      FSharp.Compiler.Service (2.0.0.6)
      FSharpVSPowerTools.Core (>= 2.3 < 2.4)
    FSharpVSPowerTools.Core (2.3)
      FSharp.Compiler.Service (>= 2.0.0.3)
    Microsoft.Bcl (1.1.10) - framework: net10, net11, net20, net30, net35, net40, net40-full
      Microsoft.Bcl.Build (>= 1.0.14)
    Microsoft.Bcl.Build (1.0.21) - import_targets: false, framework: net10, net11, net20, net30, net35, net40, net40-full
    Microsoft.Net.Http (2.2.29) - framework: net10, net11, net20, net30, net35, net40, net40-full
      Microsoft.Bcl (>= 1.1.10)
      Microsoft.Bcl.Build (>= 1.0.14)
    Octokit (0.24)
      Microsoft.Net.Http  - framework: net10, net11, net20, net30, net35, net40, net40-full
    SourceLink.Fake (1.1)
GITHUB
  remote: fsharp/FAKE
    modules/Octokit/Octokit.fsx (5df6bb2d94cbe28a476fd23e79e411dca6678c4c)
      Octokit (>= 0.20)
GROUP Tests
NUGET
  remote: https://www.nuget.org/api/v2
    NUnit (2.6.4)
    NUnit.Runners (2.6.4)
    Unquote (3.2)
