REDIRECTS: ON
RESTRICTION: >= net45
NUGET
  remote: https://www.nuget.org/api/v2
    FSharp.Core (4.1.17) - redirects: force
      System.ValueTuple (>= 4.3)
    RabbitMQ.Client (4.1.3)
    System.ValueTuple (4.3) - redirects: force

GROUP Build
RESTRICTION: == net46
NUGET
  remote: https://www.nuget.org/api/v2
    Argu (3.7)
    Fable.JsonConverter (0.1.1)
      FSharp.Core
      Newtonsoft.Json
    FAKE (4.61.2)
    FSharp.Compiler.Service (2.0.0.6)
    FSharp.Core (4.1.17) - redirects: force
      System.ValueTuple (>= 4.3)
    FSharp.Formatting (2.14.4)
      FSharp.Compiler.Service (2.0.0.6)
      FSharpVSPowerTools.Core (>= 2.3 < 2.4)
    FSharpVSPowerTools.Core (2.3)
      FSharp.Compiler.Service (>= 2.0.0.3)
    Newtonsoft.Json (10.0.2)
    Octokit (0.24)
    SourceLink.Fake (1.1)
    System.ValueTuple (4.3.1) - redirects: force
GITHUB
  remote: fsharp/FAKE
    modules/Octokit/Octokit.fsx (43917109af4ef38194d8993215c3e7c862b19d36)
      Octokit (>= 0.20)
GROUP Tests
NUGET
  remote: https://www.nuget.org/api/v2
    NUnit (2.6.4)
    NUnit.Runners (2.6.4)
    Unquote (3.2)
